GEM
  remote: https://rubygems.org/
  specs:
    xml-simple (1.1.8)

PLATFORMS
  ruby

DEPENDENCIES
  xml-simple (~> 1.1)

BUNDLED WITH
   1.17.3
